PATH
  remote: .
  specs:
    gitsy (0.0.1)

GEM
  remote: https://rubygems.org/
  specs:
    rake (10.1.1)

PLATFORMS
  ruby

DEPENDENCIES
  gitsy!
  rake
